GIT
  remote: git://github.com/kaspernj/best_practice_project.git
  revision: 63faed5527c52b4e0196fcca726df25dc31e0341
  specs:
    best_practice_project (0.0.5)
      psych (~> 2.0.0)

GEM
  remote: http://rubygems.org/
  specs:
    activesupport (4.2.5)
      i18n (~> 0.7)
      json (~> 1.7, >= 1.7.7)
      minitest (~> 5.1)
      thread_safe (~> 0.3, >= 0.3.4)
      tzinfo (~> 1.1)
    addressable (2.4.0)
    array_enumerator (0.0.10)
    ast (2.1.0)
    astrolabe (1.3.1)
      parser (~> 2.2)
    atk (3.0.7)
      glib2 (= 3.0.7)
    baza (0.0.19)
      array_enumerator (~> 0.0.10)
      datet (~> 0.0.25)
      event_handler (~> 0.0.0)
      string-cases (~> 0.0.1)
      wref (~> 0.0.8)
    builder (3.2.2)
    cairo (1.14.3)
      pkg-config (>= 1.1.5)
    cairo-gobject (3.0.7)
      cairo
      glib2 (= 3.0.7)
    datet (0.0.25)
    descendants_tracker (0.0.4)
      thread_safe (~> 0.3, >= 0.3.1)
    diff-lcs (1.2.5)
    docile (1.1.5)
    event_handler (0.0.0)
    factory_girl (4.5.0)
      activesupport (>= 3.0.0)
    faraday (0.9.2)
      multipart-post (>= 1.2, < 3)
    gdk3 (3.0.7)
      cairo-gobject (= 3.0.7)
      gdk_pixbuf2 (= 3.0.7)
      gobject-introspection (= 3.0.7)
      pango (= 3.0.7)
    gdk_pixbuf2 (3.0.7)
      glib2 (= 3.0.7)
    gio2 (3.0.7)
      glib2 (= 3.0.7)
      gobject-introspection (= 3.0.7)
    git (1.2.9.1)
    github_api (0.13.0)
      addressable (~> 2.3)
      descendants_tracker (~> 0.0.4)
      faraday (~> 0.8, < 0.10)
      hashie (>= 3.4)
      multi_json (>= 1.7.5, < 2.0)
      nokogiri (~> 1.6.6)
      oauth2
    glib2 (3.0.7)
      pkg-config
    gobject-introspection (3.0.7)
      glib2 (= 3.0.7)
    gtk3 (3.0.7)
      atk (= 3.0.7)
      gdk3 (= 3.0.7)
      gdk_pixbuf2 (= 3.0.7)
      gio2 (= 3.0.7)
      glib2 (= 3.0.7)
      gobject-introspection (= 3.0.7)
      pango (= 3.0.7)
    hashie (3.4.3)
    highline (1.7.8)
    i18n (0.7.0)
    jeweler (2.0.1)
      builder
      bundler (>= 1.0)
      git (>= 1.2.5)
      github_api
      highline (>= 1.6.15)
      nokogiri (>= 1.5.10)
      rake
      rdoc
    json (1.8.3)
    jwt (1.5.2)
    mini_portile2 (2.0.0)
    minitest (5.8.3)
    multi_json (1.11.2)
    multi_xml (0.5.5)
    multipart-post (2.0.0)
    nokogiri (1.6.7.1)
      mini_portile2 (~> 2.0.0.rc2)
    oauth2 (1.0.0)
      faraday (>= 0.8, < 0.10)
      jwt (~> 1.0)
      multi_json (~> 1.3)
      multi_xml (~> 0.5)
      rack (~> 1.2)
    pango (3.0.7)
      cairo (>= 1.14.0)
      glib2 (= 3.0.7)
    parser (2.2.3.0)
      ast (>= 1.1, < 3.0)
    pkg-config (1.1.6)
    powerpack (0.1.1)
    psych (2.0.16)
    rack (1.6.4)
    rainbow (2.0.0)
    rake (10.4.2)
    rdoc (3.12.2)
      json (~> 1.4)
    rspec (3.4.0)
      rspec-core (~> 3.4.0)
      rspec-expectations (~> 3.4.0)
      rspec-mocks (~> 3.4.0)
    rspec-core (3.4.1)
      rspec-support (~> 3.4.0)
    rspec-expectations (3.4.0)
      diff-lcs (>= 1.2.0, < 2.0)
      rspec-support (~> 3.4.0)
    rspec-mocks (3.4.0)
      diff-lcs (>= 1.2.0, < 2.0)
      rspec-support (~> 3.4.0)
    rspec-support (3.4.1)
    rubocop (0.35.1)
      astrolabe (~> 1.3)
      parser (>= 2.2.3.0, < 3.0)
      powerpack (~> 0.1)
      rainbow (>= 1.99.1, < 3.0)
      ruby-progressbar (~> 1.7)
      tins (<= 1.6.0)
    ruby-progressbar (1.7.5)
    simplecov (0.11.1)
      docile (~> 1.1.0)
      json (~> 1.8)
      simplecov-html (~> 0.10.0)
    simplecov-html (0.10.0)
    string-cases (0.0.1)
    thread_safe (0.3.5)
    tins (1.6.0)
    tzinfo (1.2.2)
      thread_safe (~> 0.1)
    wref (0.0.8)

PLATFORMS
  ruby

DEPENDENCIES
  baza (= 0.0.19)
  best_practice_project!
  bundler (~> 1.0)
  factory_girl (= 4.5.0)
  gtk3 (= 3.0.7)
  jeweler (~> 2.0.1)
  rdoc (~> 3.12)
  rspec (= 3.4.0)
  rubocop (= 0.35.1)
  simplecov
  string-cases (= 0.0.1)

BUNDLED WITH
   1.10.6
